GEM
  remote: https://rubygems.org/
  specs:
    actioncable (5.1.1)
      actionpack (= 5.1.1)
      nio4r (~> 2.0)
      websocket-driver (~> 0.6.1)
    actionmailer (5.1.1)
      actionpack (= 5.1.1)
      actionview (= 5.1.1)
      activejob (= 5.1.1)
      mail (~> 2.5, >= 2.5.4)
      rails-dom-testing (~> 2.0)
    actionpack (5.1.1)
      actionview (= 5.1.1)
      activesupport (= 5.1.1)
      rack (~> 2.0)
      rack-test (~> 0.6.3)
      rails-dom-testing (~> 2.0)
      rails-html-sanitizer (~> 1.0, >= 1.0.2)
    actionview (5.1.1)
      activesupport (= 5.1.1)
      builder (~> 3.1)
      erubi (~> 1.4)
      rails-dom-testing (~> 2.0)
      rails-html-sanitizer (~> 1.0, >= 1.0.3)
    active_model_serializers (0.10.5)
      actionpack (>= 4.1, < 6)
      activemodel (>= 4.1, < 6)
      case_transform (>= 0.2)
      jsonapi-renderer (>= 0.1.1.beta1, < 0.2)
    activejob (5.1.1)
      activesupport (= 5.1.1)
      globalid (>= 0.3.6)
    activemodel (5.1.1)
      activesupport (= 5.1.1)
    activerecord (5.1.1)
      activemodel (= 5.1.1)
      activesupport (= 5.1.1)
      arel (~> 8.0)
    activesupport (5.1.1)
      concurrent-ruby (~> 1.0, >= 1.0.2)
      i18n (~> 0.7)
      minitest (~> 5.1)
      tzinfo (~> 1.1)
    addressable (2.5.0)
      public_suffix (~> 2.0, >= 2.0.2)
    annotate (2.7.1)
      activerecord (>= 3.2, < 6.0)
      rake (>= 10.4, < 12.0)
    apipie-rails (0.5.1)
      rails (>= 4.1)
    arel (8.0.0)
    ast (2.3.0)
    bcrypt (3.1.11)
    builder (3.2.3)
    byebug (9.0.6)
    case_transform (0.2)
      activesupport
    climate_control (0.0.3)
      activesupport (>= 3.0)
    cocaine (0.5.8)
      climate_control (>= 0.0.3, < 1.0)
    coderay (1.1.1)
    concurrent-ruby (1.0.5)
    connection_pool (2.2.1)
    controller_resources (1.0.0)
      rails
    dragonfly (1.1.1)
      addressable (~> 2.3)
      multi_json (~> 1.0)
      rack (>= 1.3)
    dragonfly-s3_data_store (1.2)
      dragonfly (~> 1.0)
      fog-aws
    ember-cli-rails (0.8.3)
      cocaine (~> 0.5.8)
      ember-cli-rails-assets (~> 0.6.2)
      html_page (~> 0.1.0)
      railties (>= 3.2)
    ember-cli-rails-assets (0.6.2)
    erubi (1.6.0)
    excon (0.55.0)
    ffi (1.9.14)
    fog-aws (1.3.0)
      fog-core (~> 1.38)
      fog-json (~> 1.0)
      fog-xml (~> 0.1)
      ipaddress (~> 0.8)
    fog-core (1.43.0)
      builder
      excon (~> 0.49)
      formatador (~> 0.2)
    fog-json (1.0.2)
      fog-core (~> 1.0)
      multi_json (~> 1.10)
    fog-xml (0.1.3)
      fog-core
      nokogiri (>= 1.5.11, < 2.0.0)
    formatador (0.2.5)
    globalid (0.4.0)
      activesupport (>= 4.2.0)
    halt (1.0.0)
      actionpack
    html_page (0.1.0)
    i18n (0.8.1)
    ipaddress (0.8.3)
    jsonapi-renderer (0.1.2)
    listen (3.0.8)
      rb-fsevent (~> 0.9, >= 0.9.4)
      rb-inotify (~> 0.9, >= 0.9.7)
    loofah (2.0.3)
      nokogiri (>= 1.5.9)
    mail (2.6.5)
      mime-types (>= 1.16, < 4)
    maruku (0.7.3)
    method_source (0.8.2)
    mime-types (3.1)
      mime-types-data (~> 3.2015)
    mime-types-data (3.2016.0521)
    mini_portile2 (2.1.0)
    minitest (5.10.2)
    multi_json (1.12.1)
    newrelic_rpm (4.1.0.333)
    nio4r (2.0.0)
    nokogiri (1.7.2)
      mini_portile2 (~> 2.1.0)
    parser (2.4.0.0)
      ast (~> 2.2)
    pg (0.19.0)
    powerpack (0.1.1)
    pry (0.10.4)
      coderay (~> 1.1.0)
      method_source (~> 0.8.1)
      slop (~> 3.4)
    pry-byebug (3.4.1)
      byebug (~> 9.0)
      pry (~> 0.10)
    pry-rails (0.3.4)
      pry (>= 0.9.10)
    public_suffix (2.0.4)
    puma (3.6.0)
    pundit (1.1.0)
      activesupport (>= 3.0.0)
    rack (2.0.2)
    rack-cache (1.6.1)
      rack (>= 0.4)
    rack-cors (0.4.0)
    rack-protection (1.5.3)
      rack
    rack-test (0.6.3)
      rack (>= 1.0)
    rails (5.1.1)
      actioncable (= 5.1.1)
      actionmailer (= 5.1.1)
      actionpack (= 5.1.1)
      actionview (= 5.1.1)
      activejob (= 5.1.1)
      activemodel (= 5.1.1)
      activerecord (= 5.1.1)
      activesupport (= 5.1.1)
      bundler (>= 1.3.0, < 2.0)
      railties (= 5.1.1)
      sprockets-rails (>= 2.0.0)
    rails-dom-testing (2.0.3)
      activesupport (>= 4.2.0)
      nokogiri (>= 1.6)
    rails-html-sanitizer (1.0.3)
      loofah (~> 2.0)
    railties (5.1.1)
      actionpack (= 5.1.1)
      activesupport (= 5.1.1)
      method_source
      rake (>= 0.8.7)
      thor (>= 0.18.1, < 2.0)
    rainbow (2.2.1)
    rake (11.3.0)
    rb-fsevent (0.9.8)
    rb-inotify (0.9.7)
      ffi (>= 0.5.0)
    redis (3.3.2)
    redis-actionpack (5.0.1)
      actionpack (>= 4.0, < 6)
      redis-rack (>= 1, < 3)
      redis-store (>= 1.1.0, < 1.4.0)
    redis-activesupport (5.0.1)
      activesupport (>= 3, < 6)
      redis-store (~> 1.2.0)
    redis-rack (2.0.0)
      rack (~> 2.0)
      redis-store (~> 1.2.0)
    redis-rack-cache (2.0.0)
      rack-cache (~> 1.6.0)
      redis-store (~> 1.2.0.pre)
    redis-rails (5.0.1)
      redis-actionpack (~> 5.0.0)
      redis-activesupport (~> 5.0.0)
      redis-store (~> 1.2.0)
    redis-store (1.2.0)
      redis (>= 2.2)
    responders (2.4.0)
      actionpack (>= 4.2.0, < 5.3)
      railties (>= 4.2.0, < 5.3)
    rubocop (0.48.0)
      parser (>= 2.3.3.1, < 3.0)
      powerpack (~> 0.1)
      rainbow (>= 1.99.1, < 3.0)
      ruby-progressbar (~> 1.7)
      unicode-display_width (~> 1.0, >= 1.0.1)
    ruby-progressbar (1.8.1)
    sidekiq (4.2.7)
      concurrent-ruby (~> 1.0)
      connection_pool (~> 2.2, >= 2.2.0)
      rack-protection (>= 1.5.0)
      redis (~> 3.2, >= 3.2.1)
    slop (3.6.0)
    spring (2.0.0)
      activesupport (>= 4.2)
    spring-watcher-listen (2.0.1)
      listen (>= 2.7, < 4.0)
      spring (>= 1.2, < 3.0)
    sprockets (3.7.1)
      concurrent-ruby (~> 1.0)
      rack (> 1, < 3)
    sprockets-rails (3.2.0)
      actionpack (>= 4.0)
      activesupport (>= 4.0)
      sprockets (>= 3.0.0)
    thor (0.19.4)
    thread_safe (0.3.6)
    tzinfo (1.2.3)
      thread_safe (~> 0.1)
    unicode-display_width (1.1.3)
    websocket-driver (0.6.5)
      websocket-extensions (>= 0.1.0)
    websocket-extensions (0.1.2)

PLATFORMS
  ruby

DEPENDENCIES
  active_model_serializers
  annotate
  apipie-rails
  bcrypt
  controller_resources
  dragonfly
  dragonfly-s3_data_store
  ember-cli-rails
  halt
  listen (~> 3.0.5)
  maruku
  newrelic_rpm
  pg (~> 0.18)
  pry-byebug
  pry-rails
  puma (~> 3.0)
  pundit
  rack-cache
  rack-cors
  rails (~> 5.1)
  redis (~> 3.0)
  redis-rack-cache
  redis-rails
  responders
  rubocop
  sidekiq
  spring
  spring-watcher-listen (~> 2.0.0)
  tzinfo-data

BUNDLED WITH
   1.15.0
